GIT
  remote: https://github.com/altincicadde/grape-rails-cache
  revision: 0d488e6424006f9c7ba7ec9cf78bc2dd5c91173a
  specs:
    grape-rails-cache (0.1.2)
      activesupport
      grape

GIT
  remote: https://github.com/ci-reporter/ci_reporter
  revision: 7f759602d491c60381d5fd459e8efac58e56b8df
  specs:
    ci_reporter (2.0.0)
      builder (>= 2.1.2)

GIT
  remote: https://github.com/ci-reporter/ci_reporter_rspec
  revision: 9d05b521886644f5fcdbe8c6a73f4faa9ba28447
  specs:
    ci_reporter_rspec (1.0.0)
      ci_reporter (~> 2.0)
      rspec (>= 2.14, < 4)

GIT
  remote: https://github.com/rom-rb/rom-csv
  revision: b66340df0c221aeea58e8d042ce872e2cd2828b7
  specs:
    rom-csv (0.3.0)
      rom (~> 1.0)

GEM
  remote: https://rubygems.org/
  specs:
    abstract_method (1.2.1)
    actioncable (5.2.3)
      actionpack (= 5.2.3)
      nio4r (~> 2.0)
      websocket-driver (>= 0.6.1)
    actionmailer (5.2.3)
      actionpack (= 5.2.3)
      actionview (= 5.2.3)
      activejob (= 5.2.3)
      mail (~> 2.5, >= 2.5.4)
      rails-dom-testing (~> 2.0)
    actionpack (5.2.3)
      actionview (= 5.2.3)
      activesupport (= 5.2.3)
      rack (~> 2.0)
      rack-test (>= 0.6.3)
      rails-dom-testing (~> 2.0)
      rails-html-sanitizer (~> 1.0, >= 1.0.2)
    actionview (5.2.3)
      activesupport (= 5.2.3)
      builder (~> 3.1)
      erubi (~> 1.4)
      rails-dom-testing (~> 2.0)
      rails-html-sanitizer (~> 1.0, >= 1.0.3)
    activejob (5.2.3)
      activesupport (= 5.2.3)
      globalid (>= 0.3.6)
    activemodel (5.2.3)
      activesupport (= 5.2.3)
    activerecord (5.2.3)
      activemodel (= 5.2.3)
      activesupport (= 5.2.3)
      arel (>= 9.0)
    activestorage (5.2.3)
      actionpack (= 5.2.3)
      activerecord (= 5.2.3)
      marcel (~> 0.3.1)
    activesupport (5.2.3)
      concurrent-ruby (~> 1.0, >= 1.0.2)
      i18n (>= 0.7, < 2)
      minitest (~> 5.1)
      tzinfo (~> 1.1)
    acts-as-taggable-array-on (0.5.1)
      activerecord (>= 4)
      activesupport (>= 4)
    addressable (2.6.0)
      public_suffix (>= 2.0.2, < 4.0)
    airbrussh (1.3.1)
      sshkit (>= 1.6.1, != 1.7.0)
    api-pagination (4.8.2)
    arel (9.0.0)
    arrayfields (4.9.2)
    ast (2.4.0)
    aws-eventstream (1.0.3)
    aws-partitions (1.167.0)
    aws-sdk-core (3.53.1)
      aws-eventstream (~> 1.0, >= 1.0.2)
      aws-partitions (~> 1.0)
      aws-sigv4 (~> 1.1)
      jmespath (~> 1.0)
    aws-sdk-kms (1.21.0)
      aws-sdk-core (~> 3, >= 3.53.0)
      aws-sigv4 (~> 1.1)
    aws-sdk-s3 (1.40.0)
      aws-sdk-core (~> 3, >= 3.53.0)
      aws-sdk-kms (~> 1)
      aws-sigv4 (~> 1.0)
    aws-sigv4 (1.1.0)
      aws-eventstream (~> 1.0, >= 1.0.2)
    axiom-types (0.1.1)
      descendants_tracker (~> 0.0.4)
      ice_nine (~> 0.11.0)
      thread_safe (~> 0.3, >= 0.3.1)
    bcrypt (3.1.12)
    better_errors (2.5.1)
      coderay (>= 1.0.0)
      erubi (>= 1.0.0)
      rack (>= 0.9.0)
    binding_of_caller (0.8.0)
      debug_inspector (>= 0.0.1)
    builder (3.2.3)
    bullet (6.0.0)
      activesupport (>= 3.0.0)
      uniform_notifier (~> 1.11)
    bundler-audit (0.6.1)
      bundler (>= 1.2.0, < 3)
      thor (~> 0.18)
    cane (2.6.2)
      parallel
    capistrano (3.11.0)
      airbrussh (>= 1.0.0)
      i18n
      rake (>= 10.0.0)
      sshkit (>= 1.9.0)
    capistrano-bundler (1.5.0)
      capistrano (~> 3.1)
    capistrano-rails (1.4.0)
      capistrano (~> 3.1)
      capistrano-bundler (~> 1.1)
    capistrano-rbenv (2.1.4)
      capistrano (~> 3.1)
      sshkit (~> 1.3)
    capistrano-rbenv-install (1.2.0)
      capistrano (>= 3.0)
      capistrano-rbenv (>= 2.0)
    chartkick (3.1.0)
    chronic (0.10.2)
    chronic_duration (0.10.6)
      numerizer (~> 0.1.1)
    churn (0.0.35)
      chronic (>= 0.2.3)
      hirb
      json_pure
      main
      rest-client (>= 1.6.0)
      ruby_parser (~> 3.0)
      sexp_processor (~> 4.1)
    code_analyzer (0.4.8)
      sexp_processor
    code_metrics (0.1.3)
    coderay (1.1.2)
    coercible (1.0.0)
      descendants_tracker (~> 0.0.1)
    colorize (0.8.1)
    commander (4.4.7)
      highline (~> 2.0.0)
    concurrent-ruby (1.1.5)
    connection_pool (2.2.2)
    crack (0.4.3)
      safe_yaml (~> 1.0.0)
    crass (1.0.5)
    daemons (1.3.1)
    dalli (2.7.10)
    dalli-elasticache (0.2.0)
      dalli (>= 1.0.0)
    database_cleaner (1.7.0)
    database_rewinder (0.9.1)
    debase (0.2.2)
      debase-ruby_core_source (>= 0.10.2)
    debase-ruby_core_source (0.10.4)
    debug_inspector (0.0.3)
    descendants_tracker (0.0.4)
      thread_safe (~> 0.3, >= 0.3.1)
    diff-lcs (1.3)
    docile (1.3.1)
    domain_name (0.5.20180417)
      unf (>= 0.0.5, < 1.0.0)
    dotenv (2.7.2)
    dotenv-rails (2.7.2)
      dotenv (= 2.7.2)
      railties (>= 3.2, < 6.1)
    dry-equalizer (0.2.2)
    elasticsearch (7.1.0)
      elasticsearch-api (= 7.1.0)
      elasticsearch-transport (= 7.1.0)
    elasticsearch-api (7.1.0)
      multi_json
    elasticsearch-transport (7.1.0)
      faraday
      multi_json
    equalizer (0.0.11)
    erubi (1.8.0)
    erubis (2.7.0)
    et-orbi (1.2.1)
      tzinfo
    ethon (0.12.0)
      ffi (>= 1.3.0)
    eventmachine (1.2.7)
    factory_bot (5.0.2)
      activesupport (>= 4.2.0)
    factory_bot_rails (5.0.2)
      factory_bot (~> 5.0.2)
      railties (>= 4.2.0)
    fakeredis (0.7.0)
      redis (>= 3.2, < 5.0)
    faraday (0.15.4)
      multipart-post (>= 1.2, < 3)
    fasterer (0.5.1)
      colorize (~> 0.7)
      ruby_parser (>= 3.13.0)
    fastimage (2.1.5)
    fattr (2.4.0)
    ffi (1.11.1)
    flay (2.12.0)
      erubis (~> 2.7.0)
      path_expander (~> 1.0)
      ruby_parser (~> 3.0)
      sexp_processor (~> 4.0)
    flog (4.6.2)
      path_expander (~> 1.0)
      ruby_parser (~> 3.1, > 3.1.0)
      sexp_processor (~> 4.8)
    foreman (0.85.0)
      thor (~> 0.19.1)
    fugit (1.2.1)
      et-orbi (~> 1.1, >= 1.1.8)
      raabro (~> 1.1)
    geocoder (1.5.1)
    get_process_mem (0.2.3)
    gibberish (2.1.0)
    gitlab (4.11.0)
      httparty (~> 0.14, >= 0.14.0)
      terminal-table (~> 1.5, >= 1.5.1)
    globalid (0.4.2)
      activesupport (>= 4.2.0)
    grape (1.2.3)
      activesupport
      builder
      mustermann-grape (~> 1.0.0)
      rack (>= 1.3.0)
      rack-accept
      virtus (>= 1.0.0)
    grape-kaminari (0.1.9)
      grape
      kaminari
    grape-rabl (0.4.3)
      grape
      i18n
      rabl
      tilt
    grape-swagger (0.32.1)
      grape (>= 0.16.2)
    grape-swagger-rails (0.3.1)
      railties (>= 3.2.12)
    graphviz (1.1.0)
      process-pipeline
    groupdate (4.1.2)
      activesupport (>= 4.2)
    hash_dot (2.4.1)
    hashdiff (0.3.9)
    hashie (3.6.0)
    hashie-forbidden_attributes (0.1.1)
      hashie (>= 3.0)
    highline (2.0.2)
    hirb (0.7.3)
    houston (2.4.0)
      commander (~> 4.4)
      json
    http-cookie (1.0.3)
      domain_name (~> 0.5)
    httparty (0.17.0)
      mime-types (~> 3.0)
      multi_xml (>= 0.5.2)
    httplog (1.3.0)
      rack (>= 1.0)
      rainbow (>= 2.0.0)
    i18n (1.6.0)
      concurrent-ruby (~> 1.0)
    ice_nine (0.11.2)
    interactor (3.1.1)
    interactor-rails (2.2.0)
      interactor (~> 3.0)
      rails (>= 4.2, < 5.3)
    jaro_winkler (1.5.2)
    jmespath (1.4.0)
    json (2.2.0)
    json-schema (2.8.1)
      addressable (>= 2.4)
    json_pure (2.2.0)
    jwt (2.2.1)
    kaminari (1.1.1)
      activesupport (>= 4.1.0)
      kaminari-actionview (= 1.1.1)
      kaminari-activerecord (= 1.1.1)
      kaminari-core (= 1.1.1)
    kaminari-actionview (1.1.1)
      actionview
      kaminari-core (= 1.1.1)
    kaminari-activerecord (1.1.1)
      activerecord
      kaminari-core (= 1.1.1)
    kaminari-core (1.1.1)
    kaminari-grape (1.0.1)
      grape
      kaminari-core (~> 1.0)
    kgio (2.11.2)
    launchy (2.4.3)
      addressable (~> 2.3)
    loofah (2.3.1)
      crass (~> 1.0.2)
      nokogiri (>= 1.5.9)
    mail (2.7.1)
      mini_mime (>= 0.1.1)
    main (6.2.2)
      arrayfields (~> 4.7, >= 4.7.4)
      chronic (~> 0.6, >= 0.6.2)
      fattr (~> 2.2, >= 2.2.0)
      map (~> 6.1, >= 6.1.0)
    map (6.6.0)
    marcel (0.3.3)
      mimemagic (~> 0.3.2)
    method_source (0.9.2)
    metric_fu (4.12.0)
      cane (~> 2.5, >= 2.5.2)
      churn (~> 0.0.35)
      code_metrics (~> 0.1)
      coderay
      flay (~> 2.1, >= 2.0.1)
      flog (~> 4.1, >= 4.1.1)
      launchy (~> 2.0)
      metric_fu-Saikuro (~> 1.1, >= 1.1.3)
      multi_json
      rails_best_practices (~> 1.14, >= 1.14.3)
      redcard
      reek (>= 1.3.4, < 3.0)
      roodi (~> 3.1)
    metric_fu-Saikuro (1.1.3)
    mime-types (3.2.2)
      mime-types-data (~> 3.2015)
    mime-types-data (3.2019.0331)
    mimemagic (0.3.3)
    mini_mime (1.0.1)
    mini_portile2 (2.4.0)
    minitest (5.11.3)
    multi_json (1.13.1)
    multi_xml (0.6.0)
    multipart-post (2.1.1)
    mustermann (1.0.3)
    mustermann-grape (1.0.0)
      mustermann (~> 1.0.0)
    net-scp (2.0.0)
      net-ssh (>= 2.6.5, < 6.0.0)
    net-ssh (5.2.0)
    netrc (0.11.0)
    nio4r (2.3.1)
    nokogiri (1.10.10)
      mini_portile2 (~> 2.4.0)
    numerizer (0.1.1)
    oauth (0.5.4)
    oauth2 (1.4.1)
      faraday (>= 0.8, < 0.16.0)
      jwt (>= 1.0, < 3.0)
      multi_json (~> 1.3)
      multi_xml (~> 0.5)
      rack (>= 1.2, < 3)
    octokit (4.14.0)
      sawyer (~> 0.8.0, >= 0.5.3)
    omniauth (1.9.0)
      hashie (>= 3.4.6, < 3.7.0)
      rack (>= 1.6.2, < 3)
    omniauth-facebook (5.0.0)
      omniauth-oauth2 (~> 1.2)
    omniauth-linkedin (0.2.0)
      omniauth-oauth (~> 1.0)
    omniauth-oauth (1.1.0)
      oauth
      omniauth (~> 1.0)
    omniauth-oauth2 (1.6.0)
      oauth2 (~> 1.1)
      omniauth (~> 1.9)
    paper_trail (4.1.0)
      activerecord (>= 3.0, < 6.0)
      activesupport (>= 3.0, < 6.0)
      request_store (~> 1.1)
    parallel (1.17.0)
    parallel_tests (2.29.0)
      parallel
    parser (2.6.3.0)
      ast (~> 2.4.0)
    path_expander (1.0.4)
    pg (1.1.4)
    process-group (1.1.0)
    process-pipeline (1.0.1)
      process-group
    pronto (0.9.5)
      gitlab (~> 4.0, >= 4.0.0)
      httparty (>= 0.13.7)
      octokit (~> 4.7, >= 4.7.0)
      rainbow (~> 2.1)
      rugged (~> 0.24, >= 0.23.0)
      thor (~> 0.19.0)
    pronto-fasterer (0.9.0)
      fasterer (~> 0.3, >= 0.3.0)
      pronto (~> 0.9.0)
    pronto-rails_best_practices (0.9.0)
      pronto (~> 0.9.0)
      rails_best_practices (~> 1.16, >= 1.15.0)
    pronto-rails_schema (0.9.1)
      pronto (~> 0.9.0)
    pronto-rubocop (0.9.1)
      pronto (~> 0.9.0)
      rubocop (~> 0.50, >= 0.49.1)
    public_suffix (3.1.0)
    raabro (1.1.6)
    rabl (0.14.1)
      activesupport (>= 2.3.14)
    rack (2.0.7)
    rack-accept (0.4.5)
      rack (>= 0.4)
    rack-cors (1.0.3)
    rack-protection (2.0.5)
      rack
    rack-test (1.1.0)
      rack (>= 1.0, < 3)
    rails (5.2.3)
      actioncable (= 5.2.3)
      actionmailer (= 5.2.3)
      actionpack (= 5.2.3)
      actionview (= 5.2.3)
      activejob (= 5.2.3)
      activemodel (= 5.2.3)
      activerecord (= 5.2.3)
      activestorage (= 5.2.3)
      activesupport (= 5.2.3)
      bundler (>= 1.3.0)
      railties (= 5.2.3)
      sprockets-rails (>= 2.0.0)
    rails-dom-testing (2.0.3)
      activesupport (>= 4.2.0)
      nokogiri (>= 1.6)
    rails-html-sanitizer (1.0.4)
      loofah (~> 2.2, >= 2.2.2)
    rails_best_practices (1.19.4)
      activesupport
      code_analyzer (>= 0.4.8)
      erubis
      i18n
      json
      require_all (~> 2.0)
      ruby-progressbar
    railties (5.2.3)
      actionpack (= 5.2.3)
      activesupport (= 5.2.3)
      method_source
      rake (>= 0.8.7)
      thor (>= 0.19.0, < 2.0)
    rainbow (2.2.2)
      rake
    raindrops (0.19.0)
    rake (12.3.2)
    redcard (1.1.0)
    redis (4.1.1)
    redis-namespace (1.6.0)
      redis (>= 3.0.4)
    reek (1.4.0)
      rainbow (>= 1.99, < 3.0)
      ruby2ruby (>= 2.0.8, < 3.0)
      ruby_parser (>= 3.5.0, < 4.0)
      sexp_processor (~> 4.4)
    request_store (1.4.1)
      rack (>= 1.4)
    require_all (2.0.0)
    rest-client (2.0.2)
      http-cookie (>= 1.0.2, < 2.0)
      mime-types (>= 1.16, < 4.0)
      netrc (~> 0.8)
    rollbar (2.20.0)
      multi_json
    rom (1.0.0)
      dry-equalizer (~> 0.2)
      rom-mapper (~> 0.3.0)
      rom-support (~> 1.0.0)
    rom-mapper (0.3.0)
      dry-equalizer (~> 0.2)
      rom-support (~> 1.0.0)
      transproc (~> 0.4.0)
    rom-support (1.0.0)
      dry-equalizer (~> 0.2)
      transproc (~> 0.4.0)
      wisper (~> 1.6, >= 1.6.0)
    roodi (3.3.1)
      ruby_parser (~> 3.2, >= 3.2.2)
    rspec (3.8.0)
      rspec-core (~> 3.8.0)
      rspec-expectations (~> 3.8.0)
      rspec-mocks (~> 3.8.0)
    rspec-core (3.8.0)
      rspec-support (~> 3.8.0)
    rspec-expectations (3.8.3)
      diff-lcs (>= 1.2.0, < 2.0)
      rspec-support (~> 3.8.0)
    rspec-its (1.3.0)
      rspec-core (>= 3.0.0)
      rspec-expectations (>= 3.0.0)
    rspec-mocks (3.8.0)
      diff-lcs (>= 1.2.0, < 2.0)
      rspec-support (~> 3.8.0)
    rspec-rails (3.8.2)
      actionpack (>= 3.0)
      activesupport (>= 3.0)
      railties (>= 3.0)
      rspec-core (~> 3.8.0)
      rspec-expectations (~> 3.8.0)
      rspec-mocks (~> 3.8.0)
      rspec-support (~> 3.8.0)
    rspec-support (3.8.0)
    rubocop (0.70.0)
      jaro_winkler (~> 1.5.1)
      parallel (~> 1.10)
      parser (>= 2.6)
      rainbow (>= 2.2.2, < 4.0)
      ruby-progressbar (~> 1.7)
      unicode-display_width (>= 1.4.0, < 1.7)
    rubocop-rspec (1.33.0)
      rubocop (>= 0.60.0)
    ruby-debug-ide (0.6.1)
      rake (>= 0.8.1)
    ruby-graphviz (1.2.4)
    ruby-progressbar (1.10.1)
    ruby-saml (1.10.2)
      nokogiri (>= 1.5.10)
    ruby2ruby (2.4.2)
      ruby_parser (~> 3.1)
      sexp_processor (~> 4.6)
    ruby_parser (3.13.1)
      sexp_processor (~> 4.9)
    rugged (0.28.1)
    safe_yaml (1.0.5)
    sawyer (0.8.2)
      addressable (>= 2.3.5)
      faraday (> 0.8, < 2.0)
    searchjoy (0.4.1)
      activerecord (>= 5)
      chartkick (>= 2)
      groupdate (>= 3)
    searchkick (4.0.0)
      activemodel (>= 5)
      elasticsearch (>= 6)
      hashie
    send_with_us (4.2.0)
    sexp_processor (4.12.0)
    sidekiq (5.2.7)
      connection_pool (~> 2.2, >= 2.2.2)
      rack (>= 1.5.0)
      rack-protection (>= 1.5.0)
      redis (>= 3.3.5, < 5)
    sidekiq-cron (1.1.0)
      fugit (~> 1.1)
      sidekiq (>= 4.2.1)
    sidekiq-status (1.1.3)
      chronic_duration
      sidekiq (>= 3.0)
    simplecov (0.16.1)
      docile (~> 1.1)
      json (>= 1.8, < 3)
      simplecov-html (~> 0.10.0)
    simplecov-html (0.10.2)
    simplecov-rcov (0.2.3)
      simplecov (>= 0.4.1)
    sinatra (2.0.5)
      mustermann (~> 1.0)
      rack (~> 2.0)
      rack-protection (= 2.0.5)
      tilt (~> 2.0)
    sitemap_generator (6.0.2)
      builder (~> 3.0)
    slack-notifier (2.3.2)
    slackistrano (3.8.4)
      capistrano (>= 3.8.1)
    sprockets (3.7.2)
      concurrent-ruby (~> 1.0)
      rack (> 1, < 3)
    sprockets-rails (3.2.1)
      actionpack (>= 4.0)
      activesupport (>= 4.0)
      sprockets (>= 3.0.0)
    sshkit (1.18.2)
      net-scp (>= 1.1.2)
      net-ssh (>= 2.8.0)
    state_machines (0.5.0)
    state_machines-activemodel (0.6.0)
      activemodel (>= 4.1, < 6.0)
      state_machines (>= 0.5.0)
    state_machines-activerecord (0.6.0)
      activerecord (>= 4.1)
      state_machines-activemodel (>= 0.5.0)
    state_machines-audit_trail (2.0.1)
      state_machines
    terminal-notifier (2.0.0)
    terminal-table (1.8.0)
      unicode-display_width (~> 1.1, >= 1.1.1)
    thin (1.7.2)
      daemons (~> 1.0, >= 1.0.9)
      eventmachine (~> 1.0, >= 1.0.4)
      rack (>= 1, < 3)
    thor (0.19.4)
    thread_safe (0.3.6)
    tilt (2.0.9)
    transproc (0.4.2)
    twilio-ruby (5.23.0)
      faraday (~> 0.9)
      jwt (>= 1.5, <= 2.5)
      nokogiri (>= 1.6, < 2.0)
    typhoeus (1.3.1)
      ethon (>= 0.9.0)
    tzinfo (1.2.5)
      thread_safe (~> 0.1)
    unf (0.1.4)
      unf_ext
    unf_ext (0.0.7.6)
    unicode-display_width (1.6.0)
    unicorn (4.8.3)
      kgio (~> 2.6)
      rack
      raindrops (~> 0.7)
    unicorn-worker-killer (0.4.4)
      get_process_mem (~> 0)
      unicorn (>= 4, < 6)
    uniform_notifier (1.12.1)
    virtus (1.0.5)
      axiom-types (~> 0.1)
      coercible (~> 1.0)
      descendants_tracker (~> 0.0, >= 0.0.3)
      equalizer (~> 0.0, >= 0.0.9)
    webmock (3.5.1)
      addressable (>= 2.3.6)
      crack (>= 0.3.2)
      hashdiff
    websocket-driver (0.7.0)
      websocket-extensions (>= 0.1.0)
    websocket-extensions (0.1.3)
    wisper (1.6.1)

PLATFORMS
  ruby

DEPENDENCIES
  abstract_method
  acts-as-taggable-array-on
  addressable
  airbrussh
  api-pagination
  aws-sdk-s3
  bcrypt
  better_errors
  binding_of_caller
  bullet
  bundler-audit
  capistrano
  capistrano-bundler
  capistrano-rails
  capistrano-rbenv
  capistrano-rbenv-install
  ci_reporter (~> 2.0.0)!
  ci_reporter_rspec (~> 1.0.0)!
  connection_pool
  dalli-elasticache
  database_cleaner
  database_rewinder
  debase
  dotenv
  dotenv-rails
  factory_bot_rails
  fakeredis
  fastimage
  foreman
  geocoder
  gibberish
  grape
  grape-kaminari
  grape-rabl
  grape-rails-cache!
  grape-swagger
  grape-swagger-rails
  graphviz
  groupdate
  hash_dot
  hashie-forbidden_attributes
  houston
  httplog
  interactor-rails
  json-schema
  kaminari-grape
  metric_fu
  nokogiri
  omniauth-facebook
  omniauth-linkedin
  paper_trail (~> 4.1.0)
  parallel_tests
  pg
  pronto
  pronto-fasterer
  pronto-rails_best_practices
  pronto-rails_schema
  pronto-rubocop
  rack-cors
  rails
  redis
  redis-namespace
  rest-client
  rollbar
  rom-csv!
  rspec
  rspec-its
  rspec-rails
  rubocop
  rubocop-rspec
  ruby-debug-ide
  ruby-graphviz
  ruby-saml
  searchjoy
  searchkick
  send_with_us
  sidekiq
  sidekiq-cron
  sidekiq-status
  simplecov
  simplecov-rcov
  sinatra
  sitemap_generator
  slack-notifier
  slackistrano
  state_machines-activerecord
  state_machines-audit_trail
  terminal-notifier
  thin
  twilio-ruby
  typhoeus
  unicorn (~> 4.8.3)
  unicorn-worker-killer
  webmock

RUBY VERSION
   ruby 2.6.3p62

BUNDLED WITH
   2.0.1
